ObjectType = Image
NDims = 3
BinaryData = True
BinaryDataByteOrderMSB = False
CompressedData = False
TransformMatrix = 1 0 0 0 1 0 0 0 1
Offset = -149.5 122.5 -149.5
CenterOfRotation = 0 0 0
AnatomicalOrientation = RAI
ElementSpacing = 1 -5 1
DimSize = 300 50 300
ElementType = MET_USHORT
ElementDataFile = RegisteredData.raw
