ObjectType = Image
NDims = 3
DimSize = 256 256 141
ElementSpacing = 1.87500 -1.87500 2.50000
Offset = -220.3125 225.0000 -112.5000
ElementByteOrderMSB = False
ElementType = MET_USHORT
ElementDataFile = OriginalCT.raw
